GEM
  remote: http://rubygems.org/
  specs:
    stringex (1.3.0)

PLATFORMS
  ruby

DEPENDENCIES
  stringex
