GEM
  remote: http://rubygems.org/
  specs:
    activesupport (3.0.3)
    bson (1.1.5)
    bson_ext (1.1.5)
    diff-lcs (1.1.2)
    disqus (1.0.4)
      json
    git (1.2.5)
    http_router (0.4.1)
      rack (>= 1.0.0)
      url_mount (~> 0.2.1)
    i18n (0.5.0)
    jnunemaker-validatable (1.8.4)
      activesupport (>= 2.3.4)
    json (1.4.6)
    kgio (2.1.1)
    mail (2.2.13)
      activesupport (>= 2.3.6)
      i18n (>= 0.4.0)
      mime-types (~> 1.16)
      treetop (~> 1.4.8)
    mime-types (1.16)
    mongo (1.1.5)
      bson (>= 1.1.5)
    mongo_mapper (0.8.6)
      activesupport (>= 2.3.4)
      jnunemaker-validatable (~> 1.8.4)
      plucky (~> 0.3.6)
    padrino (0.9.19)
      padrino-admin (= 0.9.19)
      padrino-core (= 0.9.19)
      padrino-gen (= 0.9.19)
      padrino-helpers (= 0.9.19)
      padrino-mailer (= 0.9.19)
    padrino-admin (0.9.19)
      padrino-core (= 0.9.19)
      padrino-helpers (= 0.9.19)
    padrino-core (0.9.19)
      activesupport (>= 3.0.0)
      http_router (~> 0.4.0)
      sinatra (>= 1.1.0)
      thor (>= 0.14.3)
      tzinfo
    padrino-gen (0.9.19)
      bundler (>= 1.0.2)
      git
      padrino-core (= 0.9.19)
    padrino-helpers (0.9.19)
      i18n (>= 0.4.1)
      padrino-core (= 0.9.19)
    padrino-mailer (0.9.19)
      mail (>= 2.2.0)
      padrino-core (= 0.9.19)
    plucky (0.3.6)
      mongo (~> 1.1)
    polyglot (0.3.1)
    rack (1.2.1)
    rack-flash (0.1.1)
      rack
    rack-test (0.5.6)
      rack (>= 1.0)
    rake (0.8.7)
    rspec (2.3.0)
      rspec-core (~> 2.3.0)
      rspec-expectations (~> 2.3.0)
      rspec-mocks (~> 2.3.0)
    rspec-core (2.3.1)
    rspec-expectations (2.3.0)
      diff-lcs (~> 1.1.2)
    rspec-mocks (2.3.0)
    sinatra (1.1.2)
      rack (~> 1.1)
      tilt (~> 1.2)
    thor (0.14.6)
    tilt (1.2.1)
    treetop (1.4.9)
      polyglot (>= 0.3.1)
    tzinfo (0.3.23)
    unicorn (3.2.1)
      kgio (~> 2.1)
      rack
    url_mount (0.2.1)
      rack

PLATFORMS
  ruby

DEPENDENCIES
  bson_ext
  disqus
  mongo_mapper
  padrino
  rack-flash
  rack-test
  rake
  rspec
  unicorn
